PATH
  remote: .
  specs:
    actor_finder (0.1.0)
      colorize
      nokogiri (~> 1.10, >= 1.10.9)
      rake (>= 10, < 14)

GEM
  remote: https://rubygems.org/
  specs:
    coderay (1.1.2)
    colorize (0.8.1)
    method_source (1.0.0)
    mini_portile2 (2.4.0)
    nokogiri (1.10.9)
      mini_portile2 (~> 2.4.0)
    pry (0.13.1)
      coderay (~> 1.1)
      method_source (~> 1.0)
    rake (13.0.1)

PLATFORMS
  ruby

DEPENDENCIES
  actor_finder!
  pry (~> 0.13.1)

BUNDLED WITH
   2.1.2
